GEM
  remote: https://rubygems.org/
  specs:
    RubyInline (3.12.4)
      ZenTest (~> 4.3)
    ZenTest (4.11.0)
    activesupport (4.2.4)
      i18n (~> 0.7)
      json (~> 1.7, >= 1.7.7)
      minitest (~> 5.1)
      thread_safe (~> 0.3, >= 0.3.4)
      tzinfo (~> 1.1)
    addressable (2.3.8)
    babosa (1.0.2)
    capybara (2.4.4)
      mime-types (>= 1.16)
      nokogiri (>= 1.3.3)
      rack (>= 1.0.0)
      rack-test (>= 0.5.4)
      xpath (~> 2.0)
    claide (0.9.1)
    clamp (0.6.5)
    cliver (0.3.2)
    cocoapods (0.39.0)
      activesupport (>= 4.0.2)
      claide (~> 0.9.1)
      cocoapods-core (= 0.39.0)
      cocoapods-downloader (~> 0.9.3)
      cocoapods-plugins (~> 0.4.2)
      cocoapods-search (~> 0.1.0)
      cocoapods-stats (~> 0.6.2)
      cocoapods-trunk (~> 0.6.4)
      cocoapods-try (~> 0.5.1)
      colored (~> 1.2)
      escape (~> 0.0.4)
      molinillo (~> 0.4.0)
      nap (~> 1.0)
      xcodeproj (~> 0.28.2)
    cocoapods-core (0.39.0)
      activesupport (>= 4.0.2)
      fuzzy_match (~> 2.0.4)
      nap (~> 1.0)
    cocoapods-deintegrate (0.2.1)
      cocoapods (~> 0.34)
    cocoapods-downloader (0.9.3)
    cocoapods-expert-difficulty (1.0.0)
    cocoapods-keys (1.5.2)
      dotenv
      osx_keychain
    cocoapods-plugins (0.4.2)
      nap
    cocoapods-search (0.1.0)
    cocoapods-stats (0.6.2)
    cocoapods-trunk (0.6.4)
      nap (>= 0.8, < 2.0)
      netrc (= 0.7.8)
    cocoapods-try (0.5.1)
    coderay (1.1.0)
    colored (1.2)
    colorize (0.7.7)
    commander (4.3.5)
      highline (~> 1.7.2)
    credentials_manager (0.10.0)
      colored
      highline (>= 1.7.1)
      security
    deliver (1.3.3)
      credentials_manager (>= 0.9.0)
      fastimage (~> 1.6.3)
      fastlane_core (>= 0.19.0, < 1.0.0)
      plist (~> 3.1.0)
      spaceship (>= 0.11.4, <= 1.0.0)
    dotenv (2.0.2)
    escape (0.0.4)
    excon (0.45.4)
    faraday (0.9.2)
      multipart-post (>= 1.2, < 3)
    faraday_middleware (0.10.0)
      faraday (>= 0.7.4, < 0.10)
    fastimage (1.6.8)
      addressable (~> 2.3, >= 2.3.5)
    fastlane_core (0.25.3)
      babosa
      capybara (~> 2.4.3)
      colored
      commander (>= 4.3.5)
      credentials_manager (>= 0.8.2, < 1.0.0)
      excon (~> 0.45.0)
      highline (>= 1.7.2)
      json
      multi_json
      phantomjs (~> 1.9.8)
      plist (~> 3.1)
      poltergeist (~> 1.5.1)
      rubyzip (~> 1.1.6)
      sentry-raven (~> 0.15)
      terminal-table (~> 1.4.5)
    fuzzy_match (2.0.4)
    highline (1.7.8)
    i18n (0.7.0)
    json (1.8.3)
    method_source (0.8.2)
    mime-types (2.6.2)
    mini_portile (0.6.2)
    minitest (5.8.1)
    molinillo (0.4.0)
    multi_json (1.11.2)
    multi_xml (0.5.5)
    multipart-post (2.0.0)
    nap (1.0.0)
    netrc (0.7.8)
    nokogiri (1.6.6.2)
      mini_portile (~> 0.6.0)
    osx_keychain (1.0.1)
      RubyInline (~> 3)
    phantomjs (1.9.8.0)
    pilot (1.0.0)
      credentials_manager (>= 0.3.0)
      fastlane_core (>= 0.16.1, < 1.0.0)
      spaceship (>= 0.12.0, < 1.0.0)
      terminal-table (~> 1.4.5)
    plist (3.1.0)
    poltergeist (1.5.1)
      capybara (~> 2.1)
      cliver (~> 0.3.1)
      multi_json (~> 1.0)
      websocket-driver (>= 0.2.0)
    pry (0.10.3)
      coderay (~> 1.1.0)
      method_source (~> 0.8.1)
      slop (~> 3.4)
    rack (1.6.4)
    rack-test (0.6.3)
      rack (>= 1.0)
    rubyzip (1.1.7)
    security (0.1.3)
    sentry-raven (0.15.2)
      faraday (>= 0.7.6)
    slop (3.6.0)
    spaceship (0.12.2)
      colored
      credentials_manager (>= 0.9.0)
      faraday (~> 0.9)
      faraday_middleware (~> 0.9)
      fastimage (~> 1.6)
      multi_xml (~> 0.5)
      plist (~> 3.1)
      pry
    synx (0.0.53)
      clamp (~> 0.6)
      colorize (~> 0.7)
      xcodeproj (~> 0.17)
    terminal-table (1.4.5)
    thread_safe (0.3.5)
    tzinfo (1.2.2)
      thread_safe (~> 0.1)
    websocket-driver (0.6.2)
      websocket-extensions (>= 0.1.0)
    websocket-extensions (0.1.2)
    xcodeproj (0.28.2)
      activesupport (>= 3)
      claide (~> 0.9.1)
      colored (~> 1.2)
    xpath (2.0.0)
      nokogiri (~> 1.3)

PLATFORMS
  ruby

DEPENDENCIES
  cocoapods
  cocoapods-deintegrate
  cocoapods-expert-difficulty
  cocoapods-keys
  deliver
  pilot
  spaceship
  synx

BUNDLED WITH
   1.10.6
